GEM
  remote: https://rubygems.org/
  specs:
    ast (2.4.2)
    base64 (0.2.0)
    concurrent-ruby (1.3.3)
    domain_name (0.6.20240107)
    http-accept (1.7.0)
    http-cookie (1.0.6)
      domain_name (~> 0.5)
    json (2.7.2)
    language_server-protocol (3.17.0.3)
    mime-types (3.5.2)
      mime-types-data (~> 3.2015)
    mime-types-data (3.2024.0604)
    mustermann (3.0.0)
      ruby2_keywords (~> 0.0.1)
    netrc (0.11.0)
    parallel (1.25.1)
    parser (3.3.2.0)
      ast (~> 2.4.1)
      racc
    prometheus-client (4.2.2)
    racc (1.8.0)
    rack (3.0.11)
    rack-protection (4.0.0)
      base64 (>= 0.1.0)
      rack (>= 3.0.0, < 4)
    rack-session (2.0.0)
      rack (>= 3.0.0)
    rackup (2.1.0)
      rack (>= 3)
      webrick (~> 1.8)
    rainbow (3.1.1)
    regexp_parser (2.9.2)
    rest-client (2.1.0)
      http-accept (>= 1.7.0, < 2.0)
      http-cookie (>= 1.0.2, < 2.0)
      mime-types (>= 1.16, < 4.0)
      netrc (~> 0.8)
    rexml (3.2.9)
      strscan
    rubocop (1.64.1)
      json (~> 2.3)
      language_server-protocol (>= 3.17.0)
      parallel (~> 1.10)
      parser (>= 3.3.0.2)
      rainbow (>= 2.2.2, < 4.0)
      regexp_parser (>= 1.8, < 3.0)
      rexml (>= 3.2.5, < 4.0)
      rubocop-ast (>= 1.31.1, < 2.0)
      ruby-progressbar (~> 1.7)
      unicode-display_width (>= 2.4.0, < 3.0)
    rubocop-ast (1.31.3)
      parser (>= 3.3.1.0)
    ruby-2captcha (1.1.5)
    ruby-progressbar (1.13.0)
    ruby2_keywords (0.0.5)
    sinatra (4.0.0)
      mustermann (~> 3.0)
      rack (>= 3.0.0, < 4)
      rack-protection (= 4.0.0)
      rack-session (>= 2.0.0, < 3)
      tilt (~> 2.0)
    strscan (3.1.0)
    tilt (2.3.0)
    two_captcha (1.8.0)
    unicode-display_width (2.5.0)
    webrick (1.8.1)

PLATFORMS
  x86_64-darwin-23

DEPENDENCIES
  concurrent-ruby
  prometheus-client
  rackup
  rest-client
  rubocop
  ruby-2captcha
  sinatra
  two_captcha

BUNDLED WITH
   2.5.9
